GEM
  remote: https://rubygems.org/
  specs:
    diff-lcs (1.3)
    metaclass (0.0.4)
    mocha (1.2.1)
      metaclass (~> 0.0.1)
    puppet-lint (2.2.1)
    puppet-syntax (2.4.0)
      rake
    puppetlabs_spec_helper (2.2.0)
      mocha (~> 1.0)
      puppet-lint (~> 2.0)
      puppet-syntax (~> 2.0)
      rspec-puppet (~> 2.0)
    rake (12.0.0)
    rspec (3.6.0)
      rspec-core (~> 3.6.0)
      rspec-expectations (~> 3.6.0)
      rspec-mocks (~> 3.6.0)
    rspec-core (3.6.0)
      rspec-support (~> 3.6.0)
    rspec-expectations (3.6.0)
      diff-lcs (>= 1.2.0, < 2.0)
      rspec-support (~> 3.6.0)
    rspec-mocks (3.6.0)
      diff-lcs (>= 1.2.0, < 2.0)
      rspec-support (~> 3.6.0)
    rspec-puppet (2.5.0)
      rspec
    rspec-support (3.6.0)

PLATFORMS
  ruby

DEPENDENCIES
  puppetlabs_spec_helper
  rake
  rspec-puppet

BUNDLED WITH
   1.14.6
